GEM
  remote: http://rubygems.org/
  specs:
    chronic (0.6.7)
    haml (3.1.4)
    holidays (1.0.5)
    rack (1.4.1)
    rack-protection (1.2.0)
      rack
    shotgun (0.9)
      rack (>= 1.0)
    sinatra (1.3.2)
      rack (~> 1.3, >= 1.3.6)
      rack-protection (~> 1.2)
      tilt (~> 1.3, >= 1.3.3)
    tilt (1.3.3)

PLATFORMS
  ruby

DEPENDENCIES
  chronic
  haml
  holidays
  shotgun
  sinatra
